GEM
  remote: https://rubygems.org/
  specs:
    addressable (2.3.8)
    diff-lcs (1.2.5)
    json-pointer (0.0.1)
    json-schema (2.6.0)
      addressable (~> 2.3.8)
    json_validation (0.1.0)
      addressable
    openc-json_schema (0.0.15)
      json-pointer
      json-schema (~> 2.6.0)
      json_validation
      openc_json_schema_formats
    openc_json_schema_formats (0.1.3)
      json_validation
    rake (10.3.2)
    rspec (3.0.0)
      rspec-core (~> 3.0.0)
      rspec-expectations (~> 3.0.0)
      rspec-mocks (~> 3.0.0)
    rspec-core (3.0.2)
      rspec-support (~> 3.0.0)
    rspec-expectations (3.0.2)
      diff-lcs (>= 1.2.0, < 2.0)
      rspec-support (~> 3.0.0)
    rspec-mocks (3.0.2)
      rspec-support (~> 3.0.0)
    rspec-support (3.0.2)

PLATFORMS
  ruby

DEPENDENCIES
  openc-json_schema
  rake
  rspec

BUNDLED WITH
   1.15.4
