PATH
  remote: .
  specs:
    openc-schema (1.0.0.dev)
      json_validation (= 0.1.0)
      openc-json_schema (= 0.0.14)
      openc_json_schema_formats (= 0.1.3)

GEM
  remote: https://rubygems.org/
  specs:
    addressable (2.3.8)
    diff-lcs (1.3)
    json-pointer (0.0.1)
    json-schema (2.6.2)
      addressable (~> 2.3.8)
    json_validation (0.1.0)
      addressable
    openc-json_schema (0.0.14)
      json-pointer
      json-schema (~> 2.6.0)
    openc_json_schema_formats (0.1.3)
      json_validation
    rake (10.3.2)
    rspec (3.7.0)
      rspec-core (~> 3.7.0)
      rspec-expectations (~> 3.7.0)
      rspec-mocks (~> 3.7.0)
    rspec-core (3.7.1)
      rspec-support (~> 3.7.0)
    rspec-expectations (3.7.0)
      diff-lcs (>= 1.2.0, < 2.0)
      rspec-support (~> 3.7.0)
    rspec-mocks (3.7.0)
      diff-lcs (>= 1.2.0, < 2.0)
      rspec-support (~> 3.7.0)
    rspec-support (3.7.1)

PLATFORMS
  ruby

DEPENDENCIES
  openc-schema!
  rake (~> 10.3)
  rspec (~> 3)

BUNDLED WITH
   1.17.2
